GEM
  remote: http://rubygems.org/
  specs:
    ZenTest (4.8.1)
    actionmailer (3.2.5)
      actionpack (= 3.2.5)
      mail (~> 2.4.4)
    actionpack (3.2.5)
      activemodel (= 3.2.5)
      activesupport (= 3.2.5)
      builder (~> 3.0.0)
      erubis (~> 2.7.0)
      journey (~> 1.0.1)
      rack (~> 1.4.0)
      rack-cache (~> 1.2)
      rack-test (~> 0.6.1)
      sprockets (~> 2.1.3)
    activemodel (3.2.5)
      activesupport (= 3.2.5)
      builder (~> 3.0.0)
    activerecord (3.2.5)
      activemodel (= 3.2.5)
      activesupport (= 3.2.5)
      arel (~> 3.0.2)
      tzinfo (~> 0.3.29)
    activeresource (3.2.5)
      activemodel (= 3.2.5)
      activesupport (= 3.2.5)
    activesupport (3.2.5)
      i18n (~> 0.6)
      multi_json (~> 1.0)
    addressable (2.2.8)
    amq-client (0.8.7)
      amq-protocol (>= 0.8.4)
      eventmachine
    amq-protocol (0.8.4)
    amqp (0.8.4)
      amq-client (~> 0.8.7)
      amq-protocol (~> 0.8.4)
      eventmachine
    arel (3.0.2)
    autotest-rails (4.1.2)
      ZenTest (~> 4.5)
    bson (1.6.2)
    bson_ext (1.6.2)
      bson (~> 1.6.2)
    builder (3.0.0)
    capistrano (2.9.0)
      highline
      net-scp (>= 1.0.0)
      net-sftp (>= 2.0.0)
      net-ssh (>= 2.0.14)
      net-ssh-gateway (>= 1.1.0)
    capistrano-ext (1.2.1)
      capistrano (>= 1.0.0)
    capistrano_colors (0.5.5)
    capybara (1.1.2)
      mime-types (>= 1.16)
      nokogiri (>= 1.3.3)
      rack (>= 1.0.0)
      rack-test (>= 0.5.4)
      selenium-webdriver (~> 2.0)
      xpath (~> 0.1.4)
    childprocess (0.3.2)
      ffi (~> 1.0.6)
    coffee-rails (3.2.2)
      coffee-script (>= 2.2.0)
      railties (~> 3.2.0)
    coffee-script (2.2.0)
      coffee-script-source
      execjs
    coffee-script-source (1.3.3)
    daemons (1.1.8)
    diff-lcs (1.1.3)
    erubis (2.7.0)
    eventmachine (0.12.10)
    execjs (1.4.0)
      multi_json (~> 1.0)
    ffi (1.0.11)
    highline (1.6.12)
    hike (1.2.1)
    i18n (0.6.0)
    journey (1.0.3)
    jquery-rails (2.0.2)
      railties (>= 3.2.0, < 5.0)
      thor (~> 0.14)
    json (1.7.3)
    kaminari (0.13.0)
      actionpack (>= 3.0.0)
      activesupport (>= 3.0.0)
      railties (>= 3.0.0)
    libwebsocket (0.1.3)
      addressable
    macaddr (1.6.1)
      systemu (~> 2.5.0)
    mail (2.4.4)
      i18n (>= 0.4.0)
      mime-types (~> 1.16)
      treetop (~> 1.4.8)
    mime-types (1.18)
    mongo (1.6.2)
      bson (~> 1.6.2)
    mongoid (2.4.10)
      activemodel (~> 3.1)
      mongo (~> 1.3)
      tzinfo (~> 0.3.22)
    multi_json (1.3.6)
    net-scp (1.0.4)
      net-ssh (>= 1.99.1)
    net-sftp (2.0.5)
      net-ssh (>= 2.0.9)
    net-ssh (2.5.2)
    net-ssh-gateway (1.1.0)
      net-ssh (>= 1.99.1)
    nokogiri (1.5.3)
    polyglot (0.3.3)
    rack (1.4.1)
    rack-cache (1.2)
      rack (>= 0.4)
    rack-ssl (1.3.2)
      rack
    rack-test (0.6.1)
      rack (>= 1.0)
    rails (3.2.5)
      actionmailer (= 3.2.5)
      actionpack (= 3.2.5)
      activerecord (= 3.2.5)
      activeresource (= 3.2.5)
      activesupport (= 3.2.5)
      bundler (~> 1.0)
      railties (= 3.2.5)
    rails3-generators (0.17.4)
      railties (>= 3.0.0)
    railties (3.2.5)
      actionpack (= 3.2.5)
      activesupport (= 3.2.5)
      rack-ssl (~> 1.3.2)
      rake (>= 0.8.7)
      rdoc (~> 3.4)
      thor (>= 0.14.6, < 2.0)
    rake (0.9.2.2)
    rdoc (3.12)
      json (~> 1.4)
    right_aws (2.1.0)
      right_http_connection (>= 1.2.5)
    right_http_connection (1.3.0)
    rspec (2.10.0)
      rspec-core (~> 2.10.0)
      rspec-expectations (~> 2.10.0)
      rspec-mocks (~> 2.10.0)
    rspec-core (2.10.1)
    rspec-expectations (2.10.0)
      diff-lcs (~> 1.1.3)
    rspec-mocks (2.10.1)
    rspec-rails (2.10.1)
      actionpack (>= 3.0)
      activesupport (>= 3.0)
      railties (>= 3.0)
      rspec (~> 2.10.0)
    rubyzip (0.9.8)
    sass (3.1.19)
    sass-rails (3.2.5)
      railties (~> 3.2.0)
      sass (>= 3.1.10)
      tilt (~> 1.3)
    selectable_attr (0.3.17)
      i18n
    selectable_attr_rails (0.3.15)
      actionpack (>= 2.3.14)
      activerecord (>= 2.3.14)
      activesupport (>= 2.3.14)
      selectable_attr (>= 0.3.15)
    selenium-webdriver (2.22.2)
      childprocess (>= 0.2.5)
      ffi (~> 1.0)
      libwebsocket (~> 0.1.3)
      multi_json (~> 1.0)
      rubyzip
    simplecov (0.6.4)
      multi_json (~> 1.0)
      simplecov-html (~> 0.5.3)
    simplecov-html (0.5.3)
    sprockets (2.1.3)
      hike (~> 1.2)
      rack (~> 1.0)
      tilt (~> 1.1, != 1.3.0)
    systemu (2.5.1)
    tengine_core (1.1.0.alpha1)
      activemodel (>= 3.1.0)
      activesupport (>= 3.1.0)
      bson (= 1.6.2)
      bson_ext (= 1.6.2)
      daemons (~> 1.1.4)
      mongo (= 1.6.2)
      mongoid (~> 2.4.10)
      selectable_attr (~> 0.3.15)
      tengine_event (~> 1.1.0.alpha1)
      tengine_support (~> 1.1.0.alpha1)
    tengine_event (1.1.0.alpha1)
      activesupport (>= 3.0.0)
      amqp (~> 0.8.0)
      tengine_support (~> 1.1.0.alpha1)
      uuid (~> 2.3.4)
    tengine_job (1.1.0.alpha1)
      bson (= 1.6.2)
      bson_ext (= 1.6.2)
      mongo (= 1.6.2)
      tengine_core (~> 1.1.0.alpha1)
      tengine_resource (~> 1.1.0.alpha1)
      tengine_support (~> 1.1.0.alpha1)
    tengine_resource (1.1.0.alpha1)
      bson (= 1.6.2)
      bson_ext (= 1.6.2)
      mongo (= 1.6.2)
      net-ssh (~> 2.5.2)
      tengine_core (~> 1.1.0.alpha1)
      tengine_support (~> 1.1.0.alpha1)
    tengine_resource_ec2 (1.1.0.alpha1)
      bson (= 1.6.2)
      bson_ext (= 1.6.2)
      mongo (= 1.6.2)
      right_aws (~> 2.1.0)
      tengine_resource (~> 1.1.0.alpha1)
    tengine_resource_wakame (1.1.0.alpha1)
      bson (= 1.6.2)
      bson_ext (= 1.6.2)
      mongo (= 1.6.2)
      tengine_resource (~> 1.1.0.alpha1)
      wakame-adapters-tengine (~> 0.0.0)
    tengine_support (1.1.0.alpha1)
      activesupport (>= 3.0.0)
      bson (= 1.6.2)
      bson_ext (= 1.6.2)
      mongo (= 1.6.2)
    thor (0.15.2)
    tilt (1.3.3)
    treetop (1.4.10)
      polyglot
      polyglot (>= 0.3.1)
    tzinfo (0.3.33)
    uglifier (1.2.4)
      execjs (>= 0.3.0)
      multi_json (>= 1.0.2)
    uuid (2.3.5)
      macaddr (~> 1.0)
    wakame-adapters-tengine (0.0.1)
      json
      right_aws (= 2.1.0)
      rspec
    xpath (0.1.4)
      nokogiri (~> 1.3)

PLATFORMS
  ruby

DEPENDENCIES
  ZenTest
  autotest-rails
  bson_ext (= 1.6.2)
  capistrano (~> 2.9.0)
  capistrano-ext (~> 1.2.1)
  capistrano_colors (~> 0.5.5)
  capybara (~> 1.1.1)
  coffee-rails (~> 3.2.2)
  daemons (~> 1.1.4)
  jquery-rails (~> 2.0.2)
  kaminari (~> 0.13.0)
  mongo (= 1.6.2)
  mongoid (~> 2.4.10)
  rails (~> 3.2.3)
  rails3-generators (~> 0.17.4)
  rspec-rails (~> 2.10.1)
  sass (~> 3.1.18)
  sass-rails (~> 3.2.5)
  selectable_attr (~> 0.3.14)
  selectable_attr_rails (~> 0.3.14)
  simplecov (~> 0.6.4)
  tengine_core (~> 1.1.0.alpha1)
  tengine_event (~> 1.1.0.alpha1)
  tengine_job (~> 1.1.0.alpha1)
  tengine_resource (~> 1.1.0.alpha1)
  tengine_resource_ec2 (~> 1.1.0.alpha1)
  tengine_resource_wakame (~> 1.1.0.alpha1)
  uglifier (~> 1.2.4)
  wakame-adapters-tengine (~> 0.0.0)
