GEM
  remote: http://rubygems.org/
  specs:
    actionmailer (3.1.0)
      actionpack (= 3.1.0)
      mail (~> 2.3.0)
    actionpack (3.1.0)
      activemodel (= 3.1.0)
      activesupport (= 3.1.0)
      builder (~> 3.0.0)
      erubis (~> 2.7.0)
      i18n (~> 0.6)
      rack (~> 1.3.2)
      rack-cache (~> 1.0.3)
      rack-mount (~> 0.8.2)
      rack-test (~> 0.6.1)
      sprockets (~> 2.0.0)
    activemodel (3.1.0)
      activesupport (= 3.1.0)
      bcrypt-ruby (~> 3.0.0)
      builder (~> 3.0.0)
      i18n (~> 0.6)
    activerecord (3.1.0)
      activemodel (= 3.1.0)
      activesupport (= 3.1.0)
      arel (~> 2.2.1)
      tzinfo (~> 0.3.29)
    activeresource (3.1.0)
      activemodel (= 3.1.0)
      activesupport (= 3.1.0)
    activesupport (3.1.0)
      multi_json (~> 1.0)
    amqp (0.7.5)
      eventmachine
    arel (2.2.1)
    bcrypt-ruby (3.0.0)
    bson (1.3.1)
    bson_ext (1.3.1)
    builder (3.0.0)
    capybara (1.0.1)
      mime-types (>= 1.16)
      nokogiri (>= 1.3.3)
      rack (>= 1.0.0)
      rack-test (>= 0.5.4)
      selenium-webdriver (~> 2.0)
      xpath (~> 0.1.4)
    childprocess (0.2.2)
      ffi (~> 1.0.6)
    coffee-rails (3.1.0)
      coffee-script (>= 2.2.0)
      railties (~> 3.1.0.rc1)
    coffee-script (2.2.0)
      coffee-script-source
      execjs
    coffee-script-source (1.1.2)
    cucumber (1.0.2)
      builder (>= 2.1.2)
      diff-lcs (>= 1.1.2)
      gherkin (~> 2.4.5)
      json (>= 1.4.6)
      term-ansicolor (>= 1.0.5)
    cucumber-rails (1.0.2)
      capybara (>= 1.0.0)
      cucumber (~> 1.0.0)
      nokogiri (>= 1.4.6)
    database_cleaner (0.6.7)
    diff-lcs (1.1.3)
    erubis (2.7.0)
    eventmachine (0.12.10)
    execjs (1.2.4)
      multi_json (~> 1.0)
    factory_girl (2.0.5)
    factory_girl_rails (1.1.0)
      factory_girl (~> 2.0.0)
      railties (>= 3.0.0)
    ffi (1.0.9)
    gherkin (2.4.16)
      json (>= 1.4.6)
    hike (1.2.1)
    i18n (0.6.0)
    jquery-rails (1.0.13)
      railties (~> 3.0)
      thor (~> 0.14)
    json (1.5.4)
    json_pure (1.5.4)
      spruz (~> 0.2.8)
    kaminari (0.12.4)
      rails (>= 3.0.0)
    macaddr (1.4.0)
      systemu (~> 2.2.0)
    mail (2.3.0)
      i18n (>= 0.4.0)
      mime-types (~> 1.16)
      treetop (~> 1.4.8)
    mime-types (1.16)
    mongo (1.3.1)
      bson (>= 1.3.1)
    mongoid (2.2.0)
      activemodel (~> 3.0)
      mongo (~> 1.3)
      tzinfo (~> 0.3.22)
    multi_json (1.0.3)
    nokogiri (1.5.0)
    pickle (0.4.8)
      cucumber (>= 0.8)
      rake
    pickle_i18n (0.0.4)
    polyglot (0.3.2)
    rack (1.3.2)
    rack-cache (1.0.3)
      rack (>= 0.4)
    rack-mount (0.8.3)
      rack (>= 1.0.0)
    rack-ssl (1.3.2)
      rack
    rack-test (0.6.1)
      rack (>= 1.0)
    rails (3.1.0)
      actionmailer (= 3.1.0)
      actionpack (= 3.1.0)
      activerecord (= 3.1.0)
      activeresource (= 3.1.0)
      activesupport (= 3.1.0)
      bundler (~> 1.0)
      railties (= 3.1.0)
    rails3-generators (0.17.4)
      railties (>= 3.0.0)
    railties (3.1.0)
      actionpack (= 3.1.0)
      activesupport (= 3.1.0)
      rack-ssl (~> 1.3.2)
      rake (>= 0.8.7)
      rdoc (~> 3.4)
      thor (~> 0.14.6)
    rake (0.9.2)
    rdoc (3.9.4)
    rspec (2.6.0)
      rspec-core (~> 2.6.0)
      rspec-expectations (~> 2.6.0)
      rspec-mocks (~> 2.6.0)
    rspec-core (2.6.4)
    rspec-expectations (2.6.0)
      diff-lcs (~> 1.1.2)
    rspec-mocks (2.6.0)
    rspec-rails (2.6.1)
      actionpack (~> 3.0)
      activesupport (~> 3.0)
      railties (~> 3.0)
      rspec (~> 2.6.0)
    rubyzip (0.9.4)
    sass (3.1.7)
    sass-rails (3.1.0)
      actionpack (~> 3.1.0)
      railties (~> 3.1.0)
      sass (>= 3.1.4)
    selenium-webdriver (2.5.0)
      childprocess (>= 0.2.1)
      ffi (>= 1.0.7)
      json_pure
      rubyzip
    sprockets (2.0.0)
      hike (~> 1.2)
      rack (~> 1.0)
      tilt (!= 1.3.0, ~> 1.1)
    spruz (0.2.13)
    systemu (2.2.0)
    tengine_event (0.0.2)
      activesupport (>= 3.0.0)
      amqp (~> 0.7)
      uuid (~> 2.3)
    term-ansicolor (1.0.6)
    thor (0.14.6)
    tilt (1.3.3)
    treetop (1.4.10)
      polyglot
      polyglot (>= 0.3.1)
    tzinfo (0.3.29)
    uglifier (1.0.2)
      execjs (>= 0.3.0)
      multi_json (>= 1.0.2)
    uuid (2.3.3)
      macaddr (~> 1.0)
    xpath (0.1.4)
      nokogiri (~> 1.3)

PLATFORMS
  ruby

DEPENDENCIES
  bson_ext (~> 1.3)
  capybara
  coffee-rails (~> 3.1.0.rc)
  cucumber-rails (~> 1.0)
  database_cleaner
  factory_girl_rails (~> 1.0)
  jquery-rails
  kaminari (~> 0.12)
  mongoid (~> 2.2)
  pickle (~> 0.4)
  pickle_i18n (~> 0.0)
  rails (~> 3.1)
  rails3-generators (~> 0.17)
  rspec-rails (~> 2.6)
  sass-rails (~> 3.1.0.rc)
  tengine_event (~> 0.0)
  uglifier
