PATH
  remote: .
  specs:
    tengine_resource (1.1.0.alpha1)
      net-ssh (~> 2.5.2)
      tengine_core (~> 1.1.0.alpha1)
      tengine_support (~> 1.1.0.alpha1)

GEM
  remote: http://rubygems.org/
  specs:
    ZenTest (4.8.2)
    activemodel (3.2.8)
      activesupport (= 3.2.8)
      builder (~> 3.0.0)
    activesupport (3.2.8)
      i18n (~> 0.6)
      multi_json (~> 1.0)
    amq-client (0.8.7)
      amq-protocol (>= 0.8.4)
      eventmachine
    amq-protocol (0.8.4)
    amqp (0.8.4)
      amq-client (~> 0.8.7)
      amq-protocol (~> 0.8.4)
      eventmachine
    autotest (4.4.6)
      ZenTest (>= 4.4.1)
    builder (3.0.3)
    daemons (1.1.9)
    diff-lcs (1.1.3)
    eventmachine (1.0.0)
    i18n (0.6.1)
    macaddr (1.6.1)
      systemu (~> 2.5.0)
    mongoid (3.0.6)
      activemodel (~> 3.1)
      moped (~> 1.1)
      origin (~> 1.0)
      tzinfo (~> 0.3.22)
    moped (1.2.5)
    multi_json (1.3.6)
    net-ssh (2.5.2)
    origin (1.0.9)
    rake (0.9.2.2)
    rdiscount (1.6.8)
    rspec (2.10.0)
      rspec-core (~> 2.10.0)
      rspec-expectations (~> 2.10.0)
      rspec-mocks (~> 2.10.0)
    rspec-core (2.10.1)
    rspec-expectations (2.10.0)
      diff-lcs (~> 1.1.3)
    rspec-mocks (2.10.1)
    selectable_attr (0.3.17)
      i18n
    simplecov (0.6.4)
      multi_json (~> 1.0)
      simplecov-html (~> 0.5.3)
    simplecov-html (0.5.3)
    systemu (2.5.2)
    tengine_core (1.1.0.alpha1)
      activemodel (>= 3.1.0)
      activesupport (>= 3.1.0)
      daemons (~> 1.1.4)
      mongoid (~> 3.0.0)
      selectable_attr (~> 0.3.15)
      tengine_event (~> 1.1.0.alpha1)
      tengine_support (~> 1.1.0.alpha1)
    tengine_event (1.1.0.alpha1)
      activesupport (>= 3.0.0)
      amqp (~> 0.8.0)
      tengine_support (~> 1.1.0.alpha1)
      uuid (~> 2.3.4)
    tengine_support (1.1.0.alpha1)
      activesupport (>= 3.0.0)
    tzinfo (0.3.33)
    uuid (2.3.5)
      macaddr (~> 1.0)
    yard (0.8.2.1)

PLATFORMS
  ruby

DEPENDENCIES
  autotest
  bundler (~> 1.1.3)
  rake (~> 0.9.2.2)
  rdiscount
  rspec (~> 2.10.0)
  simplecov (~> 0.6.4)
  tengine_resource!
  yard (~> 0.8.1)
