PATH
  remote: .
  specs:
    tengine_resource_wakame (1.1.0)
      tengine_resource (~> 1.1.0)
      wakame-adapters-tengine (~> 0.0.0)

GEM
  remote: http://rubygems.org/
  specs:
    ZenTest (4.8.2)
    activemodel (3.2.9)
      activesupport (= 3.2.9)
      builder (~> 3.0.0)
    activesupport (3.2.9)
      i18n (~> 0.6)
      multi_json (~> 1.0)
    amq-client (0.8.7)
      amq-protocol (>= 0.8.4)
      eventmachine
    amq-protocol (0.8.4)
    amqp (0.8.4)
      amq-client (~> 0.8.7)
      amq-protocol (~> 0.8.4)
      eventmachine
    autotest (4.4.6)
      ZenTest (>= 4.4.1)
    builder (3.0.4)
    coderay (1.0.8)
    columnize (0.3.6)
    daemons (1.1.9)
    debugger (1.2.4)
      columnize (>= 0.3.1)
      debugger-linecache (~> 1.1.1)
      debugger-ruby_core_source (~> 1.1.7)
    debugger-linecache (1.1.2)
      debugger-ruby_core_source (>= 1.1.1)
    debugger-ruby_core_source (1.1.7)
    diff-lcs (1.1.3)
    eventmachine (1.0.0)
    i18n (0.6.1)
    json (1.7.5)
    macaddr (1.6.1)
      systemu (~> 2.5.0)
    method_source (0.8.1)
    mongoid (3.0.15)
      activemodel (~> 3.1)
      moped (~> 1.1)
      origin (~> 1.0)
      tzinfo (~> 0.3.22)
    moped (1.3.1)
    multi_json (1.3.6)
    net-ssh (2.5.2)
    origin (1.0.11)
    pry (0.9.10)
      coderay (~> 1.0.5)
      method_source (~> 0.8)
      slop (~> 3.3.1)
    pry-debugger (0.2.1)
      debugger (~> 1.2.0)
      pry (~> 0.9.10)
    pry-doc (0.4.4)
      pry (>= 0.9.9.6)
      yard (~> 0.8.1)
    rake (0.9.2.2)
    rdiscount (1.6.8)
    right_aws (2.1.0)
      right_http_connection (>= 1.2.5)
    right_http_connection (1.3.0)
    rspec (2.10.0)
      rspec-core (~> 2.10.0)
      rspec-expectations (~> 2.10.0)
      rspec-mocks (~> 2.10.0)
    rspec-core (2.10.1)
    rspec-expectations (2.10.0)
      diff-lcs (~> 1.1.3)
    rspec-mocks (2.10.1)
    selectable_attr (0.3.17)
      i18n
    simplecov (0.6.4)
      multi_json (~> 1.0)
      simplecov-html (~> 0.5.3)
    simplecov-html (0.5.3)
    slop (3.3.3)
    systemu (2.5.2)
    tengine_core (1.1.0)
      activemodel (>= 3.1.0)
      activesupport (>= 3.1.0)
      daemons (~> 1.1.4)
      mongoid (~> 3.0.0)
      selectable_attr (~> 0.3.15)
      tengine_event (~> 1.1.0)
      tengine_support (~> 1.1.0)
    tengine_event (1.1.0)
      activesupport (>= 3.0.0)
      amqp (~> 0.8.0)
      tengine_support (~> 1.1.0)
      uuid (~> 2.3.4)
    tengine_resource (1.1.0)
      net-ssh (~> 2.5.2)
      tengine_core (~> 1.1.0)
      tengine_support (~> 1.1.0)
    tengine_resource_ec2 (1.1.0)
      right_aws (~> 2.1.0)
      tengine_resource (~> 1.1.0)
    tengine_support (1.1.0)
      activesupport (>= 3.0.0)
    tzinfo (0.3.35)
    uuid (2.3.5)
      macaddr (~> 1.0)
    wakame-adapters-tengine (0.0.1)
      json
      right_aws (= 2.1.0)
      rspec
    yard (0.8.2.1)

PLATFORMS
  ruby

DEPENDENCIES
  autotest
  bundler
  pry
  pry-debugger
  pry-doc
  rake
  rdiscount
  rspec (~> 2.10.0)
  simplecov
  tengine_resource_ec2 (~> 1.1.0)
  tengine_resource_wakame!
  yard
