PATH
  remote: .
  specs:
    tengine_resource_wakame (1.1.0.alpha1)
      bson (= 1.6.2)
      bson_ext (= 1.6.2)
      mongo (= 1.6.2)
      tengine_resource (~> 1.1.0.alpha1)
      wakame-adapters-tengine (~> 0.0.0)

GEM
  remote: http://rubygems.org/
  specs:
    ZenTest (4.8.2)
    activemodel (3.2.8)
      activesupport (= 3.2.8)
      builder (~> 3.0.0)
    activesupport (3.2.8)
      i18n (~> 0.6)
      multi_json (~> 1.0)
    amq-client (0.8.7)
      amq-protocol (>= 0.8.4)
      eventmachine
    amq-protocol (0.8.4)
    amqp (0.8.4)
      amq-client (~> 0.8.7)
      amq-protocol (~> 0.8.4)
      eventmachine
    autotest (4.4.6)
      ZenTest (>= 4.4.1)
    bson (1.6.2)
    bson_ext (1.6.2)
      bson (~> 1.6.2)
    builder (3.0.0)
    daemons (1.1.8)
    diff-lcs (1.1.3)
    eventmachine (0.12.10)
    i18n (0.6.0)
    json (1.7.4)
    macaddr (1.6.1)
      systemu (~> 2.5.0)
    mongo (1.6.2)
      bson (~> 1.6.2)
    mongoid (2.4.12)
      activemodel (~> 3.1)
      mongo (<= 1.6.2)
      tzinfo (~> 0.3.22)
    multi_json (1.3.6)
    net-ssh (2.5.2)
    rake (0.9.2.2)
    rdiscount (1.6.8)
    right_aws (2.1.0)
      right_http_connection (>= 1.2.5)
    right_http_connection (1.3.0)
    rspec (2.10.0)
      rspec-core (~> 2.10.0)
      rspec-expectations (~> 2.10.0)
      rspec-mocks (~> 2.10.0)
    rspec-core (2.10.1)
    rspec-expectations (2.10.0)
      diff-lcs (~> 1.1.3)
    rspec-mocks (2.10.1)
    selectable_attr (0.3.17)
      i18n
    simplecov (0.6.4)
      multi_json (~> 1.0)
      simplecov-html (~> 0.5.3)
    simplecov-html (0.5.3)
    systemu (2.5.2)
    tengine_core (1.1.0.alpha1)
      activemodel (>= 3.1.0)
      activesupport (>= 3.1.0)
      bson (= 1.6.2)
      bson_ext (= 1.6.2)
      daemons (~> 1.1.4)
      mongo (= 1.6.2)
      mongoid (~> 2.4.10)
      selectable_attr (~> 0.3.15)
      tengine_event (~> 1.1.0.alpha1)
      tengine_support (~> 1.1.0.alpha1)
    tengine_event (1.1.0.alpha1)
      activesupport (>= 3.0.0)
      amqp (~> 0.8.0)
      tengine_support (~> 1.1.0.alpha1)
      uuid (~> 2.3.4)
    tengine_resource (1.1.0.alpha1)
      bson (= 1.6.2)
      bson_ext (= 1.6.2)
      mongo (= 1.6.2)
      net-ssh (~> 2.5.2)
      tengine_core (~> 1.1.0.alpha1)
      tengine_support (~> 1.1.0.alpha1)
    tengine_resource_ec2 (1.1.0.alpha1)
      bson (= 1.6.2)
      bson_ext (= 1.6.2)
      mongo (= 1.6.2)
      right_aws (~> 2.1.0)
      tengine_resource (~> 1.1.0.alpha1)
    tengine_support (1.1.0.alpha1)
      activesupport (>= 3.0.0)
      bson (= 1.6.2)
      bson_ext (= 1.6.2)
      mongo (= 1.6.2)
    tzinfo (0.3.33)
    uuid (2.3.5)
      macaddr (~> 1.0)
    wakame-adapters-tengine (0.0.1)
      json
      right_aws (= 2.1.0)
      rspec
    yard (0.8.2.1)

PLATFORMS
  ruby

DEPENDENCIES
  autotest
  bundler (~> 1.1.3)
  rake (~> 0.9.2.2)
  rdiscount
  rspec (~> 2.10.0)
  simplecov (~> 0.6.4)
  tengine_resource_ec2 (~> 1.1.0.alpha1)
  tengine_resource_wakame!
  yard (~> 0.8.1)
